GEM
  remote: https://rubygems.org/
  specs:
    ansi (1.5.0)
    builder (3.2.4)
    minitest (5.14.4)
    minitest-reporters (1.4.3)
      ansi
      builder
      minitest (>= 5.0)
      ruby-progressbar
    rake (13.0.3)
    ruby-progressbar (1.11.0)

PLATFORMS
  x86_64-darwin-19

DEPENDENCIES
  minitest (~> 5.14, >= 5.14.1)
  minitest-reporters (~> 1.1, >= 1.1.11)
  rake (~> 13.0, >= 13.0.1)

BUNDLED WITH
   2.2.18
